GEM
  remote: https://rubygems.org/
  specs:
    httparty (0.21.0)
      mini_mime (>= 1.0.0)
      multi_xml (>= 0.5.2)
    mini_mime (1.1.5)
    mocha (2.1.0)
      ruby2_keywords (>= 0.0.5)
    multi_xml (0.6.0)
    power_assert (2.0.3)
    ruby2_keywords (0.0.5)
    test-unit (3.6.1)
      power_assert

PLATFORMS
  arm64-darwin-22

DEPENDENCIES
  httparty
  mocha
  test-unit

BUNDLED WITH
   2.4.18
